PATH
  remote: .
  specs:
    monetdb (0.1.1)

GEM
  remote: https://rubygems.org/
  specs:
    coderay (1.1.0)
    docile (1.1.5)
    metaclass (0.0.4)
    method_source (0.8.2)
    minitest (5.4.0)
    mocha (1.1.0)
      metaclass (~> 0.0.1)
    multi_json (1.10.1)
    pry (0.10.0)
      coderay (~> 1.1.0)
      method_source (~> 0.8.1)
      slop (~> 3.4)
    rake (10.3.2)
    simplecov (0.9.0)
      docile (~> 1.1.0)
      multi_json
      simplecov-html (~> 0.8.0)
    simplecov-html (0.8.0)
    slop (3.6.0)
    yard (0.8.7.4)

PLATFORMS
  ruby

DEPENDENCIES
  minitest
  mocha
  monetdb!
  pry
  rake
  simplecov
  yard
