PATH
  remote: .
  specs:
    monetdb (0.2.0)

GEM
  remote: https://rubygems.org/
  specs:
    yard (0.8.7.4)

PLATFORMS
  ruby

DEPENDENCIES
  monetdb!
  yard
